GEM
  remote: https://rubygems.org/
  specs:
    activesupport (4.2.6)
      i18n (~> 0.7)
      json (~> 1.7, >= 1.7.7)
      minitest (~> 5.1)
      thread_safe (~> 0.3, >= 0.3.4)
      tzinfo (~> 1.1)
    addressable (2.3.8)
    aptible-api (0.9.6)
      aptible-auth (>= 0.5.0)
      aptible-billforward
      aptible-resource (>= 0.3.4)
      gem_config
      stripe (>= 1.13.0)
    aptible-auth (0.11.2)
      aptible-billing
      aptible-resource (>= 0.3.1)
      gem_config
      oauth2-aptible (>= 0.9.5)
      stripe (>= 1.13.0)
    aptible-billforward (0.0.2)
      gem_config
      sawyer (~> 0.5.3)
    aptible-billing (0.1.5)
      aptible-resource (>= 0.3.1)
      stripe (>= 1.13.0)
    aptible-cli (0.6.2)
      aptible-api (>= 0.7.3)
      aptible-resource (>= 0.3.0)
      git
      term-ansicolor
      thor (>= 0.19.0)
    aptible-resource (0.3.4)
      activesupport
      faraday (~> 0.9.2)
      fridge
      json
      uri_template (>= 0.5.2)
    backports (3.6.8)
    domain_name (0.5.20160310)
      unf (>= 0.0.5, < 1.0.0)
    ethon (0.8.1)
      ffi (>= 1.3.0)
    faraday (0.9.2)
      multipart-post (>= 1.2, < 3)
    faraday_middleware (0.10.0)
      faraday (>= 0.7.4, < 0.10)
    ffi (1.9.10)
    fridge (0.3.1)
      gem_config
      jwt (~> 0.1.13)
    gem_config (0.3.1)
    gemfury (0.6.0)
      faraday (>= 0.9.0, < 0.10.0.pre)
      highline (~> 1.6.0)
      multi_json (~> 1.10)
      netrc (~> 0.10.0)
      thor (>= 0.14.0, < 1.0.0.pre)
    gh (0.14.0)
      addressable
      backports
      faraday (~> 0.8)
      multi_json (~> 1.0)
      net-http-persistent (>= 2.7)
      net-http-pipeline
    git (1.3.0)
    highline (1.6.21)
    http-cookie (1.0.2)
      domain_name (~> 0.5)
    i18n (0.7.0)
    json (1.8.3)
    jwt (0.1.13)
      multi_json (>= 1.5)
    launchy (2.4.3)
      addressable (~> 2.3)
    mime-types (2.99.1)
    minitest (5.8.4)
    multi_json (1.11.2)
    multi_xml (0.5.5)
    multipart-post (2.0.0)
    net-http-persistent (2.9.4)
    net-http-pipeline (1.0.1)
    netrc (0.10.3)
    oauth2-aptible (0.9.5)
      faraday (>= 0.8, < 0.10)
      jwt (~> 0.1.8)
      multi_json (~> 1.3)
      multi_xml (~> 0.5)
      rack (~> 1.2)
    pusher-client (0.6.2)
      json
      websocket (~> 1.0)
    rack (1.6.4)
    rest-client (1.8.0)
      http-cookie (>= 1.0.2, < 2.0)
      mime-types (>= 1.16, < 3.0)
      netrc (~> 0.7)
    sawyer (0.5.5)
      addressable (~> 2.3.5)
      faraday (~> 0.8, < 0.10)
    stripe (1.38.0)
      rest-client (~> 1.4)
    term-ansicolor (1.3.2)
      tins (~> 1.0)
    thor (0.19.1)
    thread_safe (0.3.5)
    tins (1.9.0)
    travis (1.8.2)
      backports
      faraday (~> 0.9)
      faraday_middleware (~> 0.9, >= 0.9.1)
      gh (~> 0.13)
      highline (~> 1.6)
      launchy (~> 2.1)
      pusher-client (~> 0.4)
      typhoeus (~> 0.6, >= 0.6.8)
    travis-lint (2.0.0)
      json
    typhoeus (0.8.0)
      ethon (>= 0.8.0)
    tzinfo (1.2.2)
      thread_safe (~> 0.1)
    unf (0.1.4)
      unf_ext
    unf_ext (0.0.7.2)
    uri_template (0.7.0)
    websocket (1.2.2)

PLATFORMS
  ruby

DEPENDENCIES
  aptible-cli
  gemfury
  travis
  travis-lint

BUNDLED WITH
   1.10.6
